PATH
  remote: .
  specs:
    proof_of_work (0.2)

GEM
  remote: http://rubygems.org/
  specs:
    columnize (0.3.6)
    debugger (1.6.5)
      columnize (>= 0.3.1)
      debugger-linecache (~> 1.2.0)
      debugger-ruby_core_source (~> 1.3.1)
    debugger-linecache (1.2.0)
    debugger-ruby_core_source (1.3.1)
    given_core (3.5.0)
      sorcerer (>= 0.3.7)
    minitest (5.2.2)
    minitest-given (3.5.0)
      given_core (= 3.5.0)
      minitest (> 4.3)
    rake (10.1.1)
    sorcerer (1.0.2)

PLATFORMS
  ruby

DEPENDENCIES
  debugger
  minitest (~> 5.2.2)
  minitest-given (~> 3.5.0)
  proof_of_work!
  rake
